PATH
  remote: .
  specs:
    excelinator (1.1.0)
      spreadsheet (= 0.6.8)

GEM
  remote: http://rubygems.org/
  specs:
    diff-lcs (1.1.3)
    rake (0.9.2.2)
    rspec (2.9.0)
      rspec-core (~> 2.9.0)
      rspec-expectations (~> 2.9.0)
      rspec-mocks (~> 2.9.0)
    rspec-core (2.9.0)
    rspec-expectations (2.9.1)
      diff-lcs (~> 1.1.3)
    rspec-mocks (2.9.0)
    ruby-ole (1.2.11.6)
    spreadsheet (0.6.8)
      ruby-ole (>= 1.0)

PLATFORMS
  ruby

DEPENDENCIES
  excelinator!
  rake
  rspec
