PATH
  remote: ../..
  specs:
    excelinator (1.0.0)
      spreadsheet

GEM
  remote: http://rubygems.org/
  specs:
    actionmailer (2.3.14)
      actionpack (= 2.3.14)
    actionpack (2.3.14)
      activesupport (= 2.3.14)
      rack (~> 1.1.0)
    activerecord (2.3.14)
      activesupport (= 2.3.14)
    activeresource (2.3.14)
      activesupport (= 2.3.14)
    activesupport (2.3.14)
    fastercsv (1.5.4)
    rack (1.1.6)
    rails (2.3.14)
      actionmailer (= 2.3.14)
      actionpack (= 2.3.14)
      activerecord (= 2.3.14)
      activeresource (= 2.3.14)
      activesupport (= 2.3.14)
      rake (>= 0.8.3)
    rake (0.9.2.2)
    ruby-ole (1.2.11.3)
    spreadsheet (0.6.8)
      ruby-ole (>= 1.0)

PLATFORMS
  ruby

DEPENDENCIES
  excelinator!
  fastercsv
  rails (= 2.3.14)
  spreadsheet
